GEM
  remote: http://gemcutter.org/
  specs:
    minitest (2.10.0)
    rake (0.9.2)

PLATFORMS
  ruby

DEPENDENCIES
  minitest
  rake (= 0.9.2)
